GEM
  remote: https://rubygems.org/
  specs:
    rubytest (0.8.1)
    test (1.0.0)
      rubytest

PLATFORMS
  ruby

DEPENDENCIES
  test
